PATH
  remote: .
  specs:
    wiki_cluster (0.1.0)

GEM
  remote: https://rubygems.org/
  specs:
    mini_portile2 (2.3.0)
    nokogiri (1.8.4)
      mini_portile2 (~> 2.3.0)
    rake (10.4.2)

PLATFORMS
  ruby

DEPENDENCIES
  bundler (~> 1.16)
  nokogiri
  rake (~> 10.0)
  wiki_cluster!

BUNDLED WITH
   1.16.3
